GEM
  remote: http://rubygems.org/
  specs:
    akami (1.2.2)
      gyoku (>= 0.4.0)
      nokogiri
    builder (3.2.2)
    coderay (1.1.0)
    gyoku (1.1.1)
      builder (>= 2.1.2)
    httpi (2.2.4)
      rack
    macaddr (1.7.1)
      systemu (~> 2.6.2)
    method_source (0.8.2)
    mime-types (1.25.1)
    mini_portile (0.6.0)
    nokogiri (1.6.3.1)
      mini_portile (= 0.6.0)
    nori (2.4.0)
    pry (0.10.0)
      coderay (~> 1.1.0)
      method_source (~> 0.8.1)
      slop (~> 3.4)
    rack (1.5.2)
    savon (2.6.0)
      akami (~> 1.2.0)
      builder (>= 2.1.2)
      gyoku (~> 1.1.0)
      httpi (~> 2.2.3)
      nokogiri (>= 1.4.0)
      nori (~> 2.4.0)
      uuid (~> 2.3.7)
      wasabi (~> 3.3.0)
    slop (3.6.0)
    systemu (2.6.4)
    uuid (2.3.7)
      macaddr (~> 1.0)
    wasabi (3.3.0)
      httpi (~> 2.0)
      mime-types (< 2.0.0)
      nokogiri (>= 1.4.0)

PLATFORMS
  ruby

DEPENDENCIES
  nokogiri (~> 1.6)
  pry
  savon
